PATH
  remote: .
  specs:
    zendesk_api (0.0.15)

GEM
  remote: https://rubygems.org/
  specs:
    addressable (2.3.8)
    byebug (8.2.1)
    coderay (1.1.0)
    crack (0.4.2)
      safe_yaml (~> 1.0.0)
    m (1.4.2)
      method_source (>= 0.6.7)
      rake (>= 0.9.2.2)
    method_source (0.8.2)
    minitest (5.8.4)
    pry (0.10.3)
      coderay (~> 1.1.0)
      method_source (~> 0.8.1)
      slop (~> 3.4)
    pry-byebug (3.3.0)
      byebug (~> 8.0)
      pry (~> 0.10)
    rake (13.0.1)
    safe_yaml (1.0.4)
    slop (3.6.0)
    webmock (1.18.0)
      addressable (>= 2.3.6)
      crack (>= 0.3.2)

PLATFORMS
  ruby

DEPENDENCIES
  bundler (~> 1.3)
  m
  minitest
  pry-byebug
  rake
  webmock
  zendesk_api!

BUNDLED WITH
   1.11.2
